GEM
  remote: https://rubygems.org/
  specs:
    ProMotion (1.1.2)
      methadone
    bubble-wrap (1.5.0)
    methadone (1.3.2)
      bundler
    motion-hockeyapp (1.1.5)
    motion-pixatefreestyle (2.1)
      sass
    rake (10.2.2)
    sass (3.3.4)

PLATFORMS
  ruby

DEPENDENCIES
  ProMotion (~> 1.1.2)
  bubble-wrap (~> 1.5.0)
  motion-hockeyapp
  motion-pixatefreestyle
  rake
