GIT
  remote: git@github.com:adelevie/promotion_slide_menu.git
  revision: 9876f6a90c9eacca41b79bbb8ff5d52e14a2497c
  specs:
    pro_motion_slide_menu (0.2.1)
      ProMotion (~> 1)
      motion-cocoapods

GEM
  remote: https://rubygems.org/
  specs:
    ProMotion (1.1.2)
      methadone
    activesupport (3.2.17)
      i18n (~> 0.6, >= 0.6.4)
      multi_json (~> 1.0)
    claide (0.5.0)
    cocoapods (0.31.1)
      activesupport (>= 3.2.15, < 4)
      claide (~> 0.5.0)
      cocoapods-core (= 0.31.1)
      cocoapods-downloader (~> 0.4.1)
      cocoapods-try (~> 0.2.0)
      colored (~> 1.2)
      escape (~> 0.0.4)
      json_pure (~> 1.8)
      nap (~> 0.5)
      open4 (~> 1.3)
      xcodeproj (~> 0.16.0)
    cocoapods-core (0.31.1)
      activesupport (>= 3.2.15, < 4)
      fuzzy_match (~> 2.0.4)
      json_pure (~> 1.8)
      nap (~> 0.5)
    cocoapods-downloader (0.4.1)
    cocoapods-try (0.2.0)
    colored (1.2)
    escape (0.0.4)
    fuzzy_match (2.0.4)
    i18n (0.6.9)
    json_pure (1.8.1)
    methadone (1.3.2)
      bundler
    motion-cocoapods (1.4.0)
      cocoapods (>= 0.26.2)
    motion-hockeyapp (1.1.5)
    motion-pixatefreestyle (2.1)
      sass
    multi_json (1.9.2)
    nap (0.7.0)
    open4 (1.3.3)
    rake (10.2.2)
    sass (3.3.4)
    xcodeproj (0.16.0)
      activesupport (~> 3.0)
      colored (~> 1.2)

PLATFORMS
  ruby

DEPENDENCIES
  ProMotion (~> 1.1.2)
  motion-hockeyapp
  motion-pixatefreestyle
  pro_motion_slide_menu!
  rake
